GEM
  remote: https://rubygems.org/
  specs:
    crypt19-rb (1.3.1)
    json (2.1.0)

PLATFORMS
  ruby

DEPENDENCIES
  crypt19-rb
  json

BUNDLED WITH
   1.17.1
