PATH
  remote: .
  specs:
    crypt19-rb (1.3.1)

GEM
  remote: https://rubygems.org/
  specs:
    rake (10.0.3)

PLATFORMS
  ruby

DEPENDENCIES
  crypt19-rb!
  rake (~> 10.0.3)
